PATH
  remote: .
  specs:
    vultr (0.1.0)
      faraday (~> 2.3)

GEM
  remote: https://rubygems.org/
  specs:
    faraday (2.3.0)
      faraday-net_http (~> 2.0)
      ruby2_keywords (>= 0.0.4)
    faraday-net_http (2.0.3)
    minitest (5.16.2)
    rake (13.0.6)
    ruby2_keywords (0.0.5)

PLATFORMS
  x86_64-linux

DEPENDENCIES
  minitest (~> 5.0)
  rake (~> 13.0)
  vultr!

BUNDLED WITH
   2.2.32
